GEM
  remote: https://rubygems.org/
  specs:
    OptionParser (0.5.1)
    coderay (1.1.3)
    concurrent-ruby (1.1.8)
    csv (3.1.9)
    faker (2.15.1)
      i18n (>= 1.6, < 2)
    i18n (1.8.8)
      concurrent-ruby (~> 1.0)
    logger (1.4.3)
    method_source (1.0.0)
    pg (1.2.3)
    pry (0.14.0)
      coderay (~> 1.1)
      method_source (~> 1.0)
    yaml (0.1.1)

PLATFORMS
  x86_64-linux

DEPENDENCIES
  OptionParser
  csv
  faker
  logger
  pg
  pry
  yaml

BUNDLED WITH
   2.2.9
